PATH
  remote: .
  specs:
    gravitype (0.1.0)
      mongoid
      mongoid-cached-json

GEM
  remote: https://rubygems.org/
  specs:
    activemodel (5.0.1)
      activesupport (= 5.0.1)
    activesupport (5.0.1)
      concurrent-ruby (~> 1.0, >= 1.0.2)
      i18n (~> 0.7)
      minitest (~> 5.1)
      tzinfo (~> 1.1)
    bson (4.2.1)
    concurrent-ruby (1.0.3)
    database_cleaner (1.5.3)
    i18n (0.7.0)
    minitest (5.10.1)
    mongo (2.4.1)
      bson (>= 4.2.1, < 5.0.0)
    mongoid (6.0.3)
      activemodel (~> 5.0)
      mongo (~> 2.3)
    mongoid-cached-json (1.5.3)
      mongoid (>= 3.0)
    rake (10.5.0)
    thread_safe (0.3.5)
    tzinfo (1.2.2)
      thread_safe (~> 0.1)

PLATFORMS
  ruby

DEPENDENCIES
  bundler (~> 1.13)
  database_cleaner
  gravitype!
  minitest (~> 5.0)
  rake (~> 10.0)

BUNDLED WITH
   1.13.6
